GEM
  remote: http://rubygems.org/
  specs:
    activesupport (3.2.11)
      i18n (~> 0.6)
      multi_json (~> 1.0)
    chunky_png (1.2.7)
    compass (0.12.2)
      chunky_png (~> 1.2)
      fssm (>= 0.2.7)
      sass (~> 3.1)
    fssm (0.2.10)
    i18n (0.6.1)
    multi_json (1.5.0)
    rack (1.4.4)
    rack-test (0.6.2)
      rack (>= 1.0)
    rdiscount (1.6.8)
    sass (3.2.5)
    serve (1.5.1)
      activesupport (~> 3.0)
      i18n
      rack (~> 1.2)
      rack-test (~> 0.5)
      tilt (~> 1.3)
      tzinfo
    susy (1.0.5)
      compass (>= 0.12.2)
      sass (>= 3.2.0)
    tilt (1.3.3)
    tzinfo (0.3.35)

PLATFORMS
  ruby

DEPENDENCIES
  compass
  rdiscount
  sass (~> 3.2)
  serve (= 1.5.1)
  susy
